GEM
  remote: https://rubygems.org/
  specs:
    activesupport (6.0.3.1)
      concurrent-ruby (~> 1.0, >= 1.0.2)
      i18n (>= 0.7, < 2)
      minitest (~> 5.1)
      tzinfo (~> 1.1)
      zeitwerk (~> 2.2, >= 2.2.2)
    async (1.26.1)
      console (~> 1.0)
      nio4r (~> 2.3)
      timers (~> 4.1)
    async-io (1.29.0)
      async (~> 1.14)
    async-websocket (0.8.0)
      async-io
      websocket-driver (~> 0.7.0)
    concurrent-ruby (1.1.6)
    console (1.8.2)
    dotenv (2.7.5)
    faraday (0.17.3)
      multipart-post (>= 1.2, < 3)
    i18n (1.8.2)
      concurrent-ruby (~> 1.0)
    json (2.3.0)
    minitest (5.14.1)
    multipart-post (2.1.1)
    nio4r (2.5.2)
    slack-notify (0.5.0)
      faraday (~> 0.9)
      json (>= 1.8, <= 3.0)
    thread_safe (0.3.6)
    timers (4.3.0)
    tzinfo (1.2.10)
      thread_safe (~> 0.1)
    websocket-driver (0.7.1)
      websocket-extensions (>= 0.1.0)
    websocket-extensions (0.1.4)
    zeitwerk (2.3.0)

PLATFORMS
  ruby

DEPENDENCIES
  activesupport
  async-websocket (~> 0.8.0)
  dotenv
  slack-notify

BUNDLED WITH
   2.1.4
