GEM
  remote: https://rubygems.org/
  specs:
    async (1.26.1)
      console (~> 1.0)
      nio4r (~> 2.3)
      timers (~> 4.1)
    async-io (1.29.0)
      async (~> 1.14)
    async-websocket (0.8.0)
      async-io
      websocket-driver (~> 0.7.0)
    console (1.8.2)
    faraday (0.17.3)
      multipart-post (>= 1.2, < 3)
    json (2.3.0)
    multipart-post (2.1.1)
    nio4r (2.5.2)
    slack-notify (0.5.0)
      faraday (~> 0.9)
      json (>= 1.8, <= 3.0)
    timers (4.3.0)
    websocket-driver (0.7.1)
      websocket-extensions (>= 0.1.0)
    websocket-extensions (0.1.4)

PLATFORMS
  ruby

DEPENDENCIES
  async-websocket (~> 0.8.0)
  slack-notify

BUNDLED WITH
   2.1.4
